GEM
  remote: https://rubygems.org/
  specs:
    byebug (11.1.1)
    coderay (1.1.2)
    method_source (0.9.2)
    pry (0.12.2)
      coderay (~> 1.1.0)
      method_source (~> 0.9.0)
    pry-byebug (3.8.0)
      byebug (~> 11.0)
      pry (~> 0.10)
    pry-doc (1.0.0)
      pry (~> 0.11)
      yard (~> 0.9.11)
    pry-rails (0.3.9)
      pry (>= 0.10.4)
    yard (0.9.24)

PLATFORMS
  ruby

DEPENDENCIES
  pry (~> 0.12, >= 0.12.2)
  pry-byebug (~> 3.4)
  pry-doc (~> 1.0)
  pry-rails (~> 0.3, >= 0.3.9)

BUNDLED WITH
   2.0.1
